GEM
  specs:
    httparty (0.18.1)
      mime-types (~> 3.0)
      multi_xml (>= 0.5.2)
    json (2.5.1)
    mime-types (3.3.1)
      mime-types-data (~> 3.2015)
    mime-types-data (3.2021.0212)
    multi_json (1.15.0)
    multi_xml (0.6.0)
    mustermann (1.1.1)
      ruby2_keywords (~> 0.0.1)
    rack (2.2.3)
    rack-protection (2.1.0)
      rack
    redis (4.2.5)
    rejson-rb (1.0.1)
      json (~> 2.0)
      redis (~> 4.2.1)
    ruby2_keywords (0.0.4)
    sinatra (2.1.0)
      mustermann (~> 1.0)
      rack (~> 2.2)
      rack-protection (= 2.1.0)
      tilt (~> 2.0)
    sinatra-contrib (2.1.0)
      multi_json
      mustermann (~> 1.0)
      rack-protection (= 2.1.0)
      sinatra (= 2.1.0)
      tilt (~> 2.0)
    sinatra-reloader (1.0)
      sinatra-contrib
    tilt (2.0.10)
    yaml (0.1.1)

PLATFORMS
  ruby

DEPENDENCIES
  httparty
  json (~> 2.5, >= 2.5.1)
  rejson-rb
  sinatra
  sinatra-reloader
  yaml

BUNDLED WITH
   2.1.4
